GEM
  remote: https://rubygems.org/
  specs:
    haml (5.0.4)
      temple (>= 0.8.0)
      tilt
    mustermann (1.0.3)
    mysql2 (0.5.2)
    rack (2.2.2)
    rack-protection (2.0.5)
      rack
    sequel (5.18.0)
    sinatra (2.0.5)
      mustermann (~> 1.0)
      rack (~> 2.0)
      rack-protection (= 2.0.5)
      tilt (~> 2.0)
    temple (0.8.1)
    tilt (2.0.9)

PLATFORMS
  ruby

DEPENDENCIES
  bundler (= 2.0.1)
  haml (= 5.0.4)
  mysql2 (= 0.5.2)
  sequel (= 5.18.0)
  sinatra (= 2.0.5)

BUNDLED WITH
   2.0.1
